GEM
  remote: https://rubygems.org/
  specs:
    colorize (0.8.1)
    highline (1.7.8)
    mimemagic (0.3.2)
    mixlib-versioning (1.2.2)

PLATFORMS
  ruby

DEPENDENCIES
  colorize
  highline
  mimemagic
  mixlib-versioning

BUNDLED WITH
   1.15.1
