GEM
  remote: https://rubygems.org/
  specs:
    binding_of_caller (0.7.2)
      debug_inspector (>= 0.0.1)
    byebug (5.0.0)
      columnize (= 0.9.0)
    coderay (1.1.1)
    colorize (0.8.1)
    columnize (0.9.0)
    debug_inspector (0.0.3)
    ftp_sync (0.4.3)
      net-ftp-list (>= 2.1.1)
    highline (1.7.8)
    method_source (0.8.2)
    mimemagic (0.3.2)
    mixlib-versioning (1.2.2)
    net-ftp-list (3.2.10)
    pry (0.10.2)
      coderay (~> 1.1.0)
      method_source (~> 0.8.1)
      slop (~> 3.4)
    pry-byebug (3.2.0)
      byebug (~> 5.0)
      pry (~> 0.10)
    pry-doc (0.8.0)
      pry (~> 0.9)
      yard (~> 0.8)
    pry-rails (0.3.4)
      pry (>= 0.9.10)
    pry-stack_explorer (0.4.9.2)
      binding_of_caller (>= 0.7)
      pry (>= 0.9.11)
    slop (3.6.0)
    stackprof (0.2.7)
    yard (0.8.7.6)

PLATFORMS
  ruby

DEPENDENCIES
  colorize
  ftp_sync
  highline
  mimemagic
  mixlib-versioning
  pry (~> 0.10)
  pry-byebug
  pry-doc
  pry-rails
  pry-stack_explorer
  stackprof

BUNDLED WITH
   1.15.1
